GEM
  remote: http://rubygems.org/
  specs:
    haml (3.0.25)
    rdiscount (1.6.5)
    watchr (0.7)

PLATFORMS
  ruby

DEPENDENCIES
  haml
  rdiscount
  watchr
